PATH
  remote: .
  specs:
    ur-product (1.0.6)
      rest-client (~> 1.6)
      rsolr (~> 1.0)
      rsolr-ext (~> 1.0)
      yajl-ruby (~> 1.1)

GEM
  remote: http://rubygems.org/
  specs:
    builder (3.0.0)
    cucumber (1.1.4)
      builder (>= 2.1.2)
      diff-lcs (>= 1.1.2)
      gherkin (~> 2.7.1)
      json (>= 1.4.6)
      term-ansicolor (>= 1.0.6)
    diff-lcs (1.1.3)
    fakeweb (1.3.0)
    gherkin (2.7.1)
      json (>= 1.4.6)
    json (1.6.3)
    mime-types (1.19)
    rest-client (1.6.7)
      mime-types (>= 1.16)
    rsolr (1.0.8)
      builder (>= 2.1.2)
    rsolr-ext (1.0.3)
      rsolr (>= 1.0.2)
    rspec (2.7.0)
      rspec-core (~> 2.7.0)
      rspec-expectations (~> 2.7.0)
      rspec-mocks (~> 2.7.0)
    rspec-core (2.7.1)
    rspec-expectations (2.7.0)
      diff-lcs (~> 1.1.2)
    rspec-mocks (2.7.0)
    term-ansicolor (1.0.7)
    yajl-ruby (1.1.0)

PLATFORMS
  ruby

DEPENDENCIES
  cucumber (~> 1.1)
  fakeweb (~> 1.3)
  rspec (~> 2.7)
  ur-product!
